GIT
  remote: https://github.com/bonekost/audited.git
  revision: ae2ada47a0a8b815a940a6d79147d8261e034889
  specs:
    audited (4.7.0)
      activerecord (>= 4.2, < 6.1)

GIT
  remote: https://github.com/jim/mjml-rails.git
  revision: dbb18740bf8725701135d1f8b8ec063c21687ae1
  branch: webpacker
  specs:
    mjml-rails (4.3.0)

GIT
  remote: https://github.com/rails/rails.git
  revision: f4a5c76b593b7b600c94867680b2642cc9ec70d2
  branch: 6-0-stable
  specs:
    actioncable (6.0.0.rc2)
      actionpack (= 6.0.0.rc2)
      nio4r (~> 2.0)
      websocket-driver (>= 0.6.1)
    actionmailbox (6.0.0.rc2)
      actionpack (= 6.0.0.rc2)
      activejob (= 6.0.0.rc2)
      activerecord (= 6.0.0.rc2)
      activestorage (= 6.0.0.rc2)
      activesupport (= 6.0.0.rc2)
      mail (>= 2.7.1)
    actionmailer (6.0.0.rc2)
      actionpack (= 6.0.0.rc2)
      actionview (= 6.0.0.rc2)
      activejob (= 6.0.0.rc2)
      mail (~> 2.5, >= 2.5.4)
      rails-dom-testing (~> 2.0)
    actionpack (6.0.0.rc2)
      actionview (= 6.0.0.rc2)
      activesupport (= 6.0.0.rc2)
      rack (~> 2.0)
      rack-test (>= 0.6.3)
      rails-dom-testing (~> 2.0)
      rails-html-sanitizer (~> 1.0, >= 1.2.0)
    actiontext (6.0.0.rc2)
      actionpack (= 6.0.0.rc2)
      activerecord (= 6.0.0.rc2)
      activestorage (= 6.0.0.rc2)
      activesupport (= 6.0.0.rc2)
      nokogiri (>= 1.8.5)
    actionview (6.0.0.rc2)
      activesupport (= 6.0.0.rc2)
      builder (~> 3.1)
      erubi (~> 1.4)
      rails-dom-testing (~> 2.0)
      rails-html-sanitizer (~> 1.1, >= 1.2.0)
    activejob (6.0.0.rc2)
      activesupport (= 6.0.0.rc2)
      globalid (>= 0.3.6)
    activemodel (6.0.0.rc2)
      activesupport (= 6.0.0.rc2)
    activerecord (6.0.0.rc2)
      activemodel (= 6.0.0.rc2)
      activesupport (= 6.0.0.rc2)
    activestorage (6.0.0.rc2)
      actionpack (= 6.0.0.rc2)
      activejob (= 6.0.0.rc2)
      activerecord (= 6.0.0.rc2)
      marcel (~> 0.3.1)
    activesupport (6.0.0.rc2)
      concurrent-ruby (~> 1.0, >= 1.0.2)
      i18n (>= 0.7, < 2)
      minitest (~> 5.1)
      tzinfo (~> 1.1)
      zeitwerk (~> 2.1, >= 2.1.8)
    rails (6.0.0.rc2)
      actioncable (= 6.0.0.rc2)
      actionmailbox (= 6.0.0.rc2)
      actionmailer (= 6.0.0.rc2)
      actionpack (= 6.0.0.rc2)
      actiontext (= 6.0.0.rc2)
      actionview (= 6.0.0.rc2)
      activejob (= 6.0.0.rc2)
      activemodel (= 6.0.0.rc2)
      activerecord (= 6.0.0.rc2)
      activestorage (= 6.0.0.rc2)
      activesupport (= 6.0.0.rc2)
      bundler (>= 1.3.0)
      railties (= 6.0.0.rc2)
      sprockets-rails (>= 2.0.0)
    railties (6.0.0.rc2)
      actionpack (= 6.0.0.rc2)
      activesupport (= 6.0.0.rc2)
      method_source
      rake (>= 0.8.7)
      thor (>= 0.20.3, < 2.0)

PATH
  remote: gems/active_storage_log_suppressor
  specs:
    active_storage_log_suppressor (0.1.0)
      rails (~> 6.0.0.rc1)

GEM
  remote: https://rubygems.org/
  specs:
    activerecord-postgres_enum (0.6.0)
      activerecord (>= 4.2.0)
      pg
    addressable (2.6.0)
      public_suffix (>= 2.0.2, < 4.0)
    ast (2.4.0)
    aws-eventstream (1.0.3)
    aws-partitions (1.195.0)
    aws-sdk-core (3.61.2)
      aws-eventstream (~> 1.0, >= 1.0.2)
      aws-partitions (~> 1.0)
      aws-sigv4 (~> 1.1)
      jmespath (~> 1.0)
    aws-sdk-kms (1.24.0)
      aws-sdk-core (~> 3, >= 3.61.1)
      aws-sigv4 (~> 1.1)
    aws-sdk-s3 (1.46.0)
      aws-sdk-core (~> 3, >= 3.61.1)
      aws-sdk-kms (~> 1)
      aws-sigv4 (~> 1.1)
    aws-sigv4 (1.1.0)
      aws-eventstream (~> 1.0, >= 1.0.2)
    backport (1.1.2)
    barnes (0.0.7)
      multi_json (~> 1)
      statsd-ruby (~> 1.1)
    bcrypt (3.1.13)
    bindex (0.8.1)
    bootsnap (1.4.4)
      msgpack (~> 1.0)
    builder (3.2.3)
    byebug (11.0.1)
    capybara (3.28.0)
      addressable
      mini_mime (>= 0.1.3)
      nokogiri (~> 1.8)
      rack (>= 1.6.0)
      rack-test (>= 0.6.3)
      regexp_parser (~> 1.5)
      xpath (~> 3.2)
    certifi (2018.01.18)
    childprocess (1.0.1)
      rake (< 13.0)
    concurrent-ruby (1.1.5)
    crass (1.0.4)
    dalli (2.7.10)
    devise (4.6.2)
      bcrypt (~> 3.0)
      orm_adapter (~> 0.1)
      railties (>= 4.1.0, < 6.0)
      responders
      warden (~> 1.2.3)
    dotenv (2.7.4)
    dotenv-rails (2.7.4)
      dotenv (= 2.7.4)
      railties (>= 3.2, < 6.1)
    erubi (1.8.0)
    factory_bot (5.0.2)
      activesupport (>= 4.2.0)
    factory_bot_rails (5.0.2)
      factory_bot (~> 5.0.2)
      railties (>= 4.2.0)
    faraday (0.15.4)
      multipart-post (>= 1.2, < 3)
    faraday-http-cache (2.0.0)
      faraday (~> 0.8)
    faraday_middleware (0.13.1)
      faraday (>= 0.7.4, < 1.0)
    ffi (1.11.1)
    globalid (0.4.2)
      activesupport (>= 4.2.0)
    htmlentities (4.3.4)
    i18n (1.6.0)
      concurrent-ruby (~> 1.0)
    image_processing (1.9.2)
      mini_magick (>= 4.9.5, < 5)
      ruby-vips (>= 2.0.13, < 3)
    jaro_winkler (1.5.3)
    jbuilder (2.9.1)
      activesupport (>= 4.2.0)
    jmespath (1.4.0)
    kramdown (1.17.0)
    listen (3.1.5)
      rb-fsevent (~> 0.9, >= 0.9.4)
      rb-inotify (~> 0.9, >= 0.9.7)
      ruby_dep (~> 1.2)
    little-plugger (1.1.4)
    logging (2.2.2)
      little-plugger (~> 1.1)
      multi_json (~> 1.10)
    loofah (2.2.3)
      crass (~> 1.0.2)
      nokogiri (>= 1.5.9)
    mail (2.7.1)
      mini_mime (>= 0.1.1)
    marcel (0.3.3)
      mimemagic (~> 0.3.2)
    method_source (0.9.2)
    mimemagic (0.3.3)
    mini_magick (4.9.5)
    mini_mime (1.0.2)
    mini_portile2 (2.4.0)
    minitest (5.11.3)
    monetize (1.9.2)
      money (~> 6.12)
    money (6.13.4)
      i18n (>= 0.6.4, <= 2)
    money-rails (1.13.2)
      activesupport (>= 3.0)
      monetize (~> 1.9.0)
      money (~> 6.13.2)
      railties (>= 3.0)
    msgpack (1.3.0)
    multi_json (1.13.1)
    multipart-post (2.1.1)
    nio4r (2.4.0)
    nokogiri (1.10.3)
      mini_portile2 (~> 2.4.0)
    orm_adapter (0.5.0)
    pagy (3.4.1)
    parallel (1.17.0)
    parser (2.6.3.0)
      ast (~> 2.4.0)
    pg (1.1.4)
    pg_search (2.3.0)
      activerecord (>= 4.2)
      activesupport (>= 4.2)
    public_suffix (3.1.1)
    puma (3.12.1)
    rack (2.0.7)
    rack-proxy (0.6.5)
      rack
    rack-test (1.1.0)
      rack (>= 1.0, < 3)
    rails-dom-testing (2.0.3)
      activesupport (>= 4.2.0)
      nokogiri (>= 1.6)
    rails-html-sanitizer (1.2.0)
      loofah (~> 2.2, >= 2.2.2)
    rainbow (3.0.0)
    rake (12.3.3)
    rb-fsevent (0.10.3)
    rb-inotify (0.10.0)
      ffi (~> 1.0)
    regexp_parser (1.6.0)
    responders (3.0.0)
      actionpack (>= 5.0)
      railties (>= 5.0)
    reverse_markdown (1.1.0)
      nokogiri
    rubocop (0.72.0)
      jaro_winkler (~> 1.5.1)
      parallel (~> 1.10)
      parser (>= 2.6)
      rainbow (>= 2.2.2, < 4.0)
      ruby-progressbar (~> 1.7)
      unicode-display_width (>= 1.4.0, < 1.7)
    rubocop-performance (1.4.1)
      rubocop (>= 0.71.0)
    ruby-progressbar (1.10.1)
    ruby-vips (2.0.14)
      ffi (~> 1.9)
    ruby_dep (1.5.0)
    rubyzip (1.2.3)
    selenium-webdriver (3.142.3)
      childprocess (>= 0.5, < 2.0)
      rubyzip (~> 1.2, >= 1.2.2)
    sentry-raven (2.11.0)
      faraday (>= 0.7.6, < 1.0)
    skylight (4.1.2)
      skylight-core (= 4.1.2)
    skylight-core (4.1.2)
      activesupport (>= 4.2.0)
    solargraph (0.35.2)
      backport (~> 1.1)
      bundler (>= 1.17.2)
      htmlentities (~> 4.3, >= 4.3.4)
      jaro_winkler (~> 1.5)
      kramdown (~> 1.16)
      parser (~> 2.3)
      reverse_markdown (~> 1.0, >= 1.0.5)
      rubocop (~> 0.52)
      thor (~> 0.19, >= 0.19.4)
      tilt (~> 2.0)
      yard (~> 0.9)
    sprockets (3.7.2)
      concurrent-ruby (~> 1.0)
      rack (> 1, < 3)
    sprockets-rails (3.2.1)
      actionpack (>= 4.0)
      activesupport (>= 4.0)
      sprockets (>= 3.0.0)
    square.rb (3.20190624.0)
      certifi (~> 2018.1)
      faraday (~> 0.15.4)
      faraday-http-cache (~> 2.0.0)
      faraday_middleware (~> 0.13.1)
      logging (~> 2.2.2)
    standard (0.1.0)
      rubocop (~> 0.72.0)
      rubocop-performance (~> 1.4.0)
    statsd-ruby (1.4.0)
    sucker_punch (2.1.2)
      concurrent-ruby (~> 1.0)
    thor (0.20.3)
    thread_safe (0.3.6)
    tilt (2.0.9)
    turbolinks (5.2.0)
      turbolinks-source (~> 5.2)
    turbolinks-source (5.2.0)
    turbolinks_render (0.9.15)
      rails (>= 5.2.0)
      turbolinks-source (~> 5.1)
    tzinfo (1.2.5)
      thread_safe (~> 0.1)
    unicode-display_width (1.6.0)
    warden (1.2.8)
      rack (>= 2.0.6)
    web-console (4.0.0)
      actionview (>= 6.0.0.a)
      activemodel (>= 6.0.0.a)
      bindex (>= 0.4.0)
      railties (>= 6.0.0.a)
    webpacker (4.0.7)
      activesupport (>= 4.2)
      rack-proxy (>= 0.6.1)
      railties (>= 4.2)
    websocket-driver (0.7.1)
      websocket-extensions (>= 0.1.0)
    websocket-extensions (0.1.4)
    xpath (3.2.0)
      nokogiri (~> 1.8)
    yard (0.9.20)
    zeitwerk (2.1.9)

PLATFORMS
  ruby

DEPENDENCIES
  active_storage_log_suppressor!
  activerecord-postgres_enum
  audited!
  aws-sdk-s3
  barnes
  bootsnap (>= 1.4.1)
  byebug
  capybara (>= 2.15)
  dalli
  devise
  dotenv-rails
  factory_bot_rails
  image_processing (~> 1.2)
  jbuilder (~> 2.5)
  listen (>= 3.0.5, < 3.2)
  mini_magick
  mjml-rails!
  money-rails
  pagy
  pg (>= 0.18, < 2.0)
  pg_search
  puma (~> 3.11)
  rails!
  selenium-webdriver
  sentry-raven
  skylight
  solargraph
  square.rb
  standard
  sucker_punch
  turbolinks (~> 5)
  turbolinks_render
  web-console (>= 3.3.0)
  webpacker (>= 4.0.0.rc.3)

RUBY VERSION
   ruby 2.6.3p62

BUNDLED WITH
   2.0.2
